PATH
  remote: .
  specs:
    jekyll-tagging-adv (0.1.0)

GEM
  remote: https://rubygems.org/
  specs:
    rake (13.0.6)

PLATFORMS
  arm64-darwin-22

DEPENDENCIES
  jekyll-tagging-adv!
  rake (~> 13.0)

BUNDLED WITH
   2.4.20
